GEM
  remote: https://rubygems.org/
  specs:
    activemodel (6.0.3.1)
      activesupport (= 6.0.3.1)
    activesupport (6.0.3.1)
      concurrent-ruby (~> 1.0, >= 1.0.2)
      i18n (>= 0.7, < 2)
      minitest (~> 5.1)
      tzinfo (~> 1.1)
      zeitwerk (~> 2.2, >= 2.2.2)
    addressable (2.7.0)
      public_suffix (>= 2.0.2, < 5.0)
    armor (0.0.3)
    ast (2.4.0)
    capybara (3.31.0)
      addressable
      mini_mime (>= 0.1.3)
      nokogiri (~> 1.8)
      rack (>= 1.6.0)
      rack-test (>= 0.6.3)
      regexp_parser (~> 1.5)
      xpath (~> 3.2)
    coffee-script (2.4.1)
      coffee-script-source
      execjs
    coffee-script-source (1.12.2)
    concurrent-ruby (1.1.6)
    debase (0.2.4.1)
      debase-ruby_core_source (>= 0.10.2)
    debase-ruby_core_source (0.10.9)
    diff-lcs (1.3)
    docile (1.3.2)
    execjs (2.7.0)
    fast_gettext (2.0.2)
    ffi (1.12.2)
    foreman (0.87.0)
    gettext (3.3.5)
      locale (>= 2.0.5)
      text (>= 1.3.0)
    gettext-mote_parser (1.0.1)
      gettext (~> 3.3, >= 3.3.5)
      mote (~> 1.3, >= 1.3.0)
      ruby_parser (~> 3.14, >= 3.14.2)
    i18n (1.8.2)
      concurrent-ruby (~> 1.0)
    jaro_winkler (1.5.4)
    kgio (2.11.3)
    libv8 (3.16.14.19)
    locale (2.1.3)
    mail (2.7.1)
      mini_mime (>= 0.1.1)
    memory_profiler (0.9.14)
    middleware (0.1.0)
    mini_mime (1.0.2)
    mini_portile2 (2.6.1)
    minitest (5.14.1)
    montrose (0.11.2)
      activesupport (>= 4.1, <= 7.0)
    mote (1.3.0)
    nobi (0.0.1)
    nobrainer (0.34.0)
      activemodel (>= 4.1.0)
      activesupport (>= 4.1.0)
      middleware (~> 0.1.0)
      rethinkdb (>= 2.3.0)
      symbol_decoration (~> 1.1)
    nokogiri (1.12.5)
      mini_portile2 (~> 2.6.1)
      racc (~> 1.4)
    parallel (1.19.1)
    parser (2.7.0.3)
      ast (~> 2.4.0)
    public_suffix (4.0.3)
    racc (1.5.2)
    rack (2.2.3)
    rack-mini-profiler (1.1.6)
      rack (>= 1.2.0)
    rack-test (1.1.0)
      rack (>= 1.0, < 3)
    rack-timeout (0.6.0)
    rainbow (3.0.0)
    raindrops (0.19.1)
    rake (13.0.1)
    ref (2.0.0)
    regexp_parser (1.7.0)
    rethinkdb (2.4.0.0)
    rexml (3.2.5)
    rspec (3.9.0)
      rspec-core (~> 3.9.0)
      rspec-expectations (~> 3.9.0)
      rspec-mocks (~> 3.9.0)
    rspec-core (3.9.1)
      rspec-support (~> 3.9.1)
    rspec-expectations (3.9.0)
      diff-lcs (>= 1.2.0, < 2.0)
      rspec-support (~> 3.9.0)
    rspec-mocks (3.9.1)
      diff-lcs (>= 1.2.0, < 2.0)
      rspec-support (~> 3.9.0)
    rspec-support (3.9.2)
    rubocop (0.80.1)
      jaro_winkler (~> 1.5.1)
      parallel (~> 1.10)
      parser (>= 2.7.0.1)
      rainbow (>= 2.2.2, < 4.0)
      rexml
      ruby-progressbar (~> 1.7)
      unicode-display_width (>= 1.4.0, < 1.7)
    ruby-debug-ide (0.7.0)
      rake (>= 0.8.1)
    ruby-progressbar (1.10.1)
    ruby_parser (3.14.2)
      sexp_processor (~> 4.9)
    sassc (2.2.1)
      ffi (~> 1.9)
    scrivener (1.1.0)
    seg (1.2.0)
    sexp_processor (4.14.1)
    shield (2.1.1)
      armor
    shotgun (0.9.2)
      rack (>= 1.0)
    simplecov (0.18.5)
      docile (~> 1.1)
      simplecov-html (~> 0.11)
    simplecov-html (0.12.2)
    sprockets (4.0.0)
      concurrent-ruby (~> 1.0)
      rack (> 1, < 3)
    symbol_decoration (1.1.0)
    syro (3.2.0)
      rack (>= 1.6.0)
      seg
    tas (0.0.1)
    text (1.3.1)
    therubyracer (0.12.3)
      libv8 (~> 3.16.14.15)
      ref
    thread_safe (0.3.6)
    tzinfo (1.2.7)
      thread_safe (~> 0.1)
    uglifier (4.2.0)
      execjs (>= 0.3.0, < 3)
    unicode-display_width (1.6.1)
    unicorn (5.5.3)
      kgio (~> 2.6)
      raindrops (~> 0.7)
    xpath (3.2.0)
      nokogiri (~> 1.8)
    zeitwerk (2.3.0)

PLATFORMS
  ruby

DEPENDENCIES
  capybara
  coffee-script
  debase
  fast_gettext (~> 2.0, >= 2.0.2)
  foreman
  gettext (~> 3.3, >= 3.3.5)
  gettext-mote_parser (~> 1.0, >= 1.0.1)
  mail
  memory_profiler
  montrose
  mote (~> 1.3.0)
  nobi
  nobrainer
  nokogiri (~> 1.12.5)
  rack-mini-profiler
  rack-timeout
  rake
  rspec
  rubocop
  ruby-debug-ide
  sassc
  scrivener
  shield
  shotgun
  simplecov
  sprockets (~> 4.0)
  syro
  tas
  therubyracer
  uglifier
  unicorn

BUNDLED WITH
   2.1.4
